GEM
  remote: https://rubygems.org/
  specs:
    google-protobuf (3.19.4)

PLATFORMS
  ruby

DEPENDENCIES
  google-protobuf

BUNDLED WITH
   1.17.2
