GEM
  remote: https://rubygems.org/
  specs:
    google-protobuf (3.21.7)

PLATFORMS
  ruby

DEPENDENCIES
  google-protobuf (>= 3.19.6)

BUNDLED WITH
   1.17.3
